GIT
  remote: https://github.com/serhatbolsu/allure-ruby-commons.git
  revision: 603f66b072cf83277d86cfd50e3341a8b23c7778
  branch: master
  specs:
    allure-ruby-adaptor-api (0.7.3)
      mimemagic
      nokogiri (~> 1.7)
      uuid

PATH
  remote: .
  specs:
    allure-rspec (0.8.0)
      allure-ruby-adaptor-api
      rspec (~> 3.5)

GEM
  remote: https://rubygems.org/
  specs:
    diff-lcs (1.3)
    macaddr (1.7.1)
      systemu (~> 2.6.2)
    mimemagic (0.3.3)
    mini_portile2 (2.4.0)
    nokogiri (1.10.2)
      mini_portile2 (~> 2.4.0)
    rake (12.3.2)
    rspec (3.8.0)
      rspec-core (~> 3.8.0)
      rspec-expectations (~> 3.8.0)
      rspec-mocks (~> 3.8.0)
    rspec-core (3.8.0)
      rspec-support (~> 3.8.0)
    rspec-expectations (3.8.2)
      diff-lcs (>= 1.2.0, < 2.0)
      rspec-support (~> 3.8.0)
    rspec-mocks (3.8.0)
      diff-lcs (>= 1.2.0, < 2.0)
      rspec-support (~> 3.8.0)
    rspec-support (3.8.0)
    systemu (2.6.5)
    uuid (2.3.9)
      macaddr (~> 1.0)

PLATFORMS
  ruby

DEPENDENCIES
  allure-rspec!
  allure-ruby-adaptor-api!
  bundler
  rake

BUNDLED WITH
   1.17.2
